GEM
  remote: https://rubygems.org/
  specs:
    climate_control (0.2.0)
    terrapin (0.6.0)
      climate_control (>= 0.0.3, < 1.0)
    webrick (1.4.2)

PLATFORMS
  ruby

DEPENDENCIES
  terrapin
  webrick

RUBY VERSION
   ruby 2.3.3p222

BUNDLED WITH
   1.16.1
