GEM
  remote: https://rubygems.org/
  specs:
    climate_control (0.2.0)
    terrapin (0.6.0)
      climate_control (>= 0.0.3, < 1.0)
    webrick (1.6.1)

PLATFORMS
  ruby

DEPENDENCIES
  terrapin
  webrick

BUNDLED WITH
   1.17.2
